PATH
  remote: .
  specs:
    irc_machine (0.0.1)
      daemons
      eventmachine
      eventmachine_httpserver
      rack

GEM
  remote: http://rubygems.org/
  specs:
    daemons (1.1.8)
    diff-lcs (1.1.3)
    eventmachine (0.12.10)
    eventmachine_httpserver (0.2.1)
    json (1.7.3)
    meminator (0.0.8)
    metaclass (0.0.1)
    mocha (0.11.4)
      metaclass (~> 0.0.1)
    rack (1.4.1)
    rake (0.9.2.2)
    rspec (2.10.0)
      rspec-core (~> 2.10.0)
      rspec-expectations (~> 2.10.0)
      rspec-mocks (~> 2.10.0)
    rspec-core (2.10.1)
    rspec-expectations (2.10.0)
      diff-lcs (~> 1.1.3)
    rspec-mocks (2.10.1)

PLATFORMS
  ruby

DEPENDENCIES
  bundler
  irc_machine!
  json
  meminator
  mocha
  rake
  rspec
