PATH
  remote: .
  specs:
    irc_machine (0.0.1)
      daemons
      em-websocket
      eventmachine
      eventmachine_httpserver
      rack

GEM
  remote: http://rubygems.org/
  specs:
    addressable (2.3.2)
    awesome_print (1.1.0)
    columnize (0.3.6)
    daemons (1.1.9)
    debugger (1.2.1)
      columnize (>= 0.3.1)
      debugger-linecache (~> 1.1.1)
      debugger-ruby_core_source (~> 1.1.4)
    debugger-linecache (1.1.2)
      debugger-ruby_core_source (>= 1.1.1)
    debugger-ruby_core_source (1.1.4)
    diff-lcs (1.1.3)
    em-websocket (0.3.8)
      addressable (>= 2.1.1)
      eventmachine (>= 0.12.9)
    eventmachine (1.0.0)
    eventmachine_httpserver (0.2.1)
    json (1.7.5)
    juici-interface (0.0.0)
    macaddr (1.6.1)
      systemu (~> 2.5.0)
    meminator (0.0.9)
    metaclass (0.0.1)
    mime-types (1.19)
    mocha (0.12.7)
      metaclass (~> 0.0.1)
    nokogiri (1.5.5)
    rack (1.4.1)
    rake (0.9.2.2)
    rest-client (1.6.7)
      mime-types (>= 1.16)
    rspec (2.11.0)
      rspec-core (~> 2.11.0)
      rspec-expectations (~> 2.11.0)
      rspec-mocks (~> 2.11.0)
    rspec-core (2.11.1)
    rspec-expectations (2.11.3)
      diff-lcs (~> 1.1.3)
    rspec-mocks (2.11.3)
    systemu (2.5.2)
    uuid (2.3.5)
      macaddr (~> 1.0)

PLATFORMS
  ruby

DEPENDENCIES
  awesome_print
  bundler
  debugger
  irc_machine!
  json
  juici-interface
  meminator
  mocha
  nokogiri
  rake
  rest-client
  rspec
  uuid
